GEM
  specs:
    ethon (0.16.0)
      ffi (>= 1.15.0)
    faraday-typhoeus (1.1.0)
      faraday (~> 2.0)
      typhoeus (~> 1.4)
    typhoeus (1.4.1)
      ethon (>= 0.9.0)

GEM
  remote: https://rubygems.org/
  specs:
    base64 (0.2.0)
    concurrent-ruby (1.3.4)
    elasticsearch (7.17.11)
      elasticsearch-api (= 7.17.11)
      elasticsearch-transport (= 7.17.11)
    elasticsearch-api (7.17.11)
      multi_json
    elasticsearch-transport (7.17.11)
      base64
      faraday (>= 1, < 3)
      multi_json
    faraday (2.12.0)
      faraday-net_http (>= 2.0, < 3.4)
      json
      logger
    faraday-net_http (3.3.0)
      net-http
    ffi (1.17.0-java)
    json (2.8.1-java)
    listen (3.9.0)
      rb-fsevent (~> 0.10, >= 0.10.3)
      rb-inotify (~> 0.9, >= 0.9.10)
    logger (1.6.1)
    multi_json (1.15.0)
    net-http (0.5.0)
      uri
    parallel (1.17.0)
    rb-fsevent (0.11.2)
    rb-inotify (0.11.1)
      ffi (~> 1.0)
    uri (1.0.1)

PLATFORMS
  universal-java-1.8

DEPENDENCIES
  concurrent-ruby (~> 1.1)!
  elasticsearch (~> 7.17)!
  faraday-typhoeus (~> 1.1)
  listen (~> 3.0)!
  parallel (~> 1.17.0)!

BUNDLED WITH
   2.5.5
